FRAMEWORK: >= NET461
NUGET
  remote: http://api.nuget.org/v3/index.json
  specs:
    AutoMapper (4.1.1)
      Microsoft.Bcl (>= 1.1.10)
    log4net (2.0.5)
    Microsoft.Bcl (1.1.10)
      Microsoft.Bcl.Build (>= 1.0.14)
    Microsoft.Bcl.Build (1.0.21) - import_targets: false
